GEM
  remote: https://rubygems.org/
  specs:
    rugged (0.25.1.1)

PLATFORMS
  ruby

DEPENDENCIES
  rugged

BUNDLED WITH
   1.13.2
